GEM
  remote: https://rubygems.org/
  specs:
    copperegg (0.6.1)
      json_pure (~> 1.7.6)
    json_pure (1.7.7)

PLATFORMS
  ruby

DEPENDENCIES
  copperegg (~> 0.6.1)
